GEM
  remote: https://rubygems.org/
  specs:
    addressable (2.8.5)
      public_suffix (>= 2.0.2, < 6.0)
    byebug (11.1.3)
    crack (0.4.5)
      rexml
    diff-lcs (1.5.0)
    dotenv (2.8.1)
    hashdiff (1.0.1)
    inwx-rb (0.1.1)
    public_suffix (5.0.3)
    rexml (3.2.6)
    rspec (3.12.0)
      rspec-core (~> 3.12.0)
      rspec-expectations (~> 3.12.0)
      rspec-mocks (~> 3.12.0)
    rspec-core (3.12.0)
      rspec-support (~> 3.12.0)
    rspec-expectations (3.12.0)
      diff-lcs (>= 1.2.0, < 2.0)
      rspec-support (~> 3.12.0)
    rspec-mocks (3.12.0)
      diff-lcs (>= 1.2.0, < 2.0)
      rspec-support (~> 3.12.0)
    rspec-support (3.12.0)
    webmock (3.19.0)
      addressable (>= 2.8.0)
      crack (>= 0.3.2)
      hashdiff (>= 0.4.0, < 2.0.0)
    webrick (1.8.1)
    xmlrpc (0.3.3)
      webrick

PLATFORMS
  ruby

DEPENDENCIES
  byebug (~> 11.1.3)
  dotenv (~> 2.8.1)
  inwx-rb (~> 0.1.1)
  rexml (~> 3.2.4)
  rspec (~> 3.12.0)
  webmock (~> 3.19.0)
  xmlrpc (~> 0.3.0)

BUNDLED WITH
   2.2.3
