GEM
  remote: https://rubygems.org/
  specs:
    dotenv (2.7.6)
    inwx-rb (0.1.1)
    xmlrpc (0.3.0)

PLATFORMS
  ruby

DEPENDENCIES
  dotenv (~> 2.7.5)
  inwx-rb (~> 0.1.1)
  xmlrpc (~> 0.3.0)

BUNDLED WITH
   2.1.4
