GEM
  remote: https://rubygems.org/
  specs:
    dotenv (2.5.0)
    inwx-rb (0.1.1)
    xmlrpc (0.3.0)

PLATFORMS
  ruby

DEPENDENCIES
  dotenv
  inwx-rb (~> 0.1.1)
  xmlrpc (~> 0.3.0)

BUNDLED WITH
   1.16.1
